GEM
  remote: https://rubygems.org/
  specs:
    async (1.26.1)
      console (~> 1.0)
      nio4r (~> 2.3)
      timers (~> 4.1)
    async-container (0.16.5)
      async (~> 1.0)
      async-io (~> 1.26)
      process-group
    async-http (0.52.3)
      async (~> 1.25)
      async-io (~> 1.28)
      async-pool (~> 0.2)
      protocol-http (~> 0.20.0)
      protocol-http1 (~> 0.13.0)
      protocol-http2 (~> 0.14.0)
    async-http-cache (0.2.0)
      async-http (~> 0.51)
    async-io (1.29.0)
      async (~> 1.14)
    async-pool (0.3.1)
      async (~> 1.25)
    async-websocket (0.14.0)
      async-http (~> 0.51)
      async-io (~> 1.23)
      protocol-websocket (~> 0.7.0)
    build-environment (1.13.0)
    coderay (1.1.2)
    console (1.8.2)
    falcon (0.36.4)
      async (~> 1.13)
      async-container (~> 0.16.0)
      async-http (~> 0.52.0)
      async-http-cache (~> 0.2.0)
      async-io (~> 1.22)
      build-environment (~> 1.13)
      localhost (~> 1.1)
      process-metrics (~> 0.2.0)
      rack (>= 1.0)
      samovar (~> 2.1)
    ffi (1.12.2)
    forme (1.11.0)
    localhost (1.1.6)
    mapping (1.1.1)
    method_source (1.0.0)
    nio4r (2.5.2)
    process-group (1.2.1)
      process-terminal (~> 0.2.0)
    process-metrics (0.2.1)
      console (~> 1.8)
      samovar (~> 2.1)
    process-terminal (0.2.0)
      ffi
    protocol-hpack (1.4.2)
    protocol-http (0.20.0)
    protocol-http1 (0.13.0)
      protocol-http (~> 0.19)
    protocol-http2 (0.14.0)
      protocol-hpack (~> 1.4)
      protocol-http (~> 0.18)
    protocol-websocket (0.7.4)
      protocol-http (~> 0.2)
      protocol-http1 (~> 0.2)
    pry (0.13.1)
      coderay (~> 1.1)
      method_source (~> 1.0)
    rack (2.2.2)
    roda (3.32.0)
      rack
    roda-websockets (0.1.0)
      async-websocket (~> 0.12)
      falcon (~> 0.33)
      roda (~> 3.0)
    samovar (2.1.4)
      console (~> 1.0)
      mapping (~> 1.0)
    tilt (2.0.10)
    timers (4.3.0)

PLATFORMS
  ruby

DEPENDENCIES
  falcon!
  forme!
  pry!
  roda!
  roda-websockets!
  tilt!

BUNDLED WITH
   2.1.4
